GEM
  remote: http://rubygems.org/
  remote: http://gems.github.com/
  specs:
    archive-tar-minitar (0.5.2)
    columnize (0.3.4)
    diff-lcs (1.1.3)
    growl_notify (0.0.3)
      rb-appscript
    guard (0.8.8)
      thor (~> 0.14.6)
    guard-rspec (0.5.2)
      guard (>= 0.8.4)
    guard-spork (0.3.1)
      guard (>= 0.8.4)
      spork (>= 0.8.4)
    linecache19 (0.5.12)
      ruby_core_source (>= 0.1.4)
    rb-appscript (0.6.1)
    rspec (2.7.0)
      rspec-core (~> 2.7.0)
      rspec-expectations (~> 2.7.0)
      rspec-mocks (~> 2.7.0)
    rspec-core (2.7.1)
    rspec-expectations (2.7.0)
      diff-lcs (~> 1.1.2)
    rspec-mocks (2.7.0)
    ruby-debug-base19 (0.11.25)
      columnize (>= 0.3.1)
      linecache19 (>= 0.5.11)
      ruby_core_source (>= 0.1.4)
    ruby-debug19 (0.11.6)
      columnize (>= 0.3.1)
      linecache19 (>= 0.5.11)
      ruby-debug-base19 (>= 0.11.19)
    ruby_core_source (0.1.5)
      archive-tar-minitar (>= 0.5.2)
    spork (0.8.5)
    thor (0.14.6)

PLATFORMS
  ruby

DEPENDENCIES
  growl_notify
  guard
  guard-rspec
  guard-spork
  rspec
  ruby-debug19
